GEM
  remote: https://rubygems.org/
  specs:
    unicode_utils (1.4.0)

PLATFORMS
  ruby

DEPENDENCIES
  unicode_utils

RUBY VERSION
   ruby 2.5.3p105

BUNDLED WITH
   2.0.1
